GEM
  remote: http://rubygems.org/
  specs:
    activemodel (3.0.9)
      activesupport (= 3.0.9)
      builder (~> 2.1.2)
      i18n (~> 0.5.0)
    activerecord (3.0.9)
      activemodel (= 3.0.9)
      activesupport (= 3.0.9)
      arel (~> 2.0.10)
      tzinfo (~> 0.3.23)
    activerecord-jdbc-adapter (1.1.2)
    activerecord-jdbcmysql-adapter (1.1.2)
      activerecord-jdbc-adapter (= 1.1.2)
      jdbc-mysql (~> 5.1.0)
    activesupport (3.0.9)
    arel (2.0.10)
    builder (2.1.2)
    i18n (0.5.0)
    jdbc-mysql (5.1.13)
    minitest (2.3.0)
    rake (0.9.2)
    tzinfo (0.3.28)

PLATFORMS
  java
  ruby

DEPENDENCIES
  activerecord (~> 3.0)
  activerecord-jdbcmysql-adapter
  minitest
  rake
