GEM
  remote: http://rubygems.org/
  specs:
    activerecord (2.3.8)
      activesupport (= 2.3.8)
    activerecord-jdbc-adapter (1.1.2)
    activerecord-jdbcmysql-adapter (1.1.2)
      activerecord-jdbc-adapter (= 1.1.2)
      jdbc-mysql (~> 5.1.0)
    activesupport (2.3.8)
    jdbc-mysql (5.1.13)
    minitest (2.3.0)
    rake (0.9.2)

PLATFORMS
  java
  ruby

DEPENDENCIES
  activerecord
  activerecord-jdbcmysql-adapter
  minitest
  rake
