PATH
  remote: .
  specs:
    mutt (0.1.0)
      activerecord (~> 3.0)
      activerecord-jdbcmysql-adapter (~> 1.1)
      gitorious-hooks (~> 0.1)
      trollop (~> 1.16)

GEM
  remote: http://rubygems.org/
  remote: http://gems.shortcut.no/testing/
  specs:
    activemodel (3.0.9)
      activesupport (= 3.0.9)
      builder (~> 2.1.2)
      i18n (~> 0.5.0)
    activerecord (3.0.9)
      activemodel (= 3.0.9)
      activesupport (= 3.0.9)
      arel (~> 2.0.10)
      tzinfo (~> 0.3.23)
    activerecord-jdbc-adapter (1.1.2)
    activerecord-jdbcmysql-adapter (1.1.2)
      activerecord-jdbc-adapter (= 1.1.2)
      jdbc-mysql (~> 5.1.0)
    activesupport (3.0.9)
    arel (2.0.10)
    builder (2.1.2)
    gitorious-hooks (0.1.0)
    i18n (0.5.0)
    jdbc-mysql (5.1.13)
    mini_shoulda (0.3.0)
      minitest (~> 2.1.0)
    minitest (2.1.0)
    rake (0.9.2)
    rdoc (3.6.1)
    trollop (1.16.2)
    tzinfo (0.3.29)

PLATFORMS
  java

DEPENDENCIES
  mini_shoulda (~> 0.2)
  minitest (~> 2.0)
  mutt!
  rake (~> 0.9)
  rdoc
